PATH
  remote: .
  specs:
    alipay_sdk (0.1.0)
      faraday
      multi_json

GEM
  remote: https://rubygems.org/
  specs:
    faraday (1.0.0)
      multipart-post (>= 1.2, < 3)
    multi_json (1.14.1)
    multipart-post (2.1.1)
    rake (13.0.1)

PLATFORMS
  ruby

DEPENDENCIES
  alipay_sdk!
  bundler (~> 1.17)
  rake (~> 13.0)

BUNDLED WITH
   1.17.2
